GEM
  remote: https://rubygems.org/
  specs:

PLATFORMS
  x86_64-darwin-22
  x86_64-linux

DEPENDENCIES

BUNDLED WITH
   2.4.10
